GEM
  remote: https://ruby.taobao.org/
  specs:
    childprocess (0.5.7)
      ffi (~> 1.0, >= 1.0.11)
    faraday (0.9.2)
      multipart-post (>= 1.2, < 3)
    ffi (1.9.10)
    mini_portile (0.6.2)
    multi_json (1.11.2)
    multipart-post (2.0.0)
    netrc (0.7.9)
    nokogiri (1.6.6.2)
      mini_portile (~> 0.6.0)
    rest_client (1.8.3)
      netrc (~> 0.7.7)
    rubyzip (1.1.7)
    selenium-webdriver (2.48.1)
      childprocess (~> 0.5)
      multi_json (~> 1.0)
      rubyzip (~> 1.0)
      websocket (~> 1.0)
    websocket (1.2.2)

PLATFORMS
  ruby

DEPENDENCIES
  faraday
  nokogiri
  rest_client
  selenium-webdriver

BUNDLED WITH
   1.10.6
